NUGET
  remote: https://nuget.org/api/v2
  specs:
    FAKE (4.1.3)
    FSharp.Compiler.Service (1.4.0.1)
    FSharp.Formatting (2.10.0)
      FSharp.Compiler.Service (>= 0.0.87)
      FSharpVSPowerTools.Core (1.8.0)
    FSharpVSPowerTools.Core (1.8.0)
      FSharp.Compiler.Service (>= 0.0.87)
    FunScript (1.1.94)
    FunScript.TypeScript.Binding.lib (1.1.0.37)
    FunScript.TypeScript.Binding.three (1.1.0.37)
      FunScript.TypeScript.Binding.lib (>= 1.1.0.37)
    Microsoft.Bcl (1.1.10)
      Microsoft.Bcl.Build (>= 1.0.14)
    Microsoft.Bcl.Build (1.0.21)
    Microsoft.Net.Http (2.2.29)
      Microsoft.Bcl (>= 1.1.10)
      Microsoft.Bcl.Build (>= 1.0.14)
    NUnit (2.6.4)
    NUnit.Runners (2.6.4)
    Octokit (0.14.0)
      Microsoft.Net.Http
    SourceLink.Fake (1.0.0)
GITHUB
  remote: fsharp/FAKE
  specs:
    modules/Octokit/Octokit.fsx (fc765158463b1df1b1d65df2d05df30b3b5eaf75)
      Octokit